GEM
  remote: https://rubygems.org/
  specs:
    gosu (0.8.7.2)

PLATFORMS
  ruby

DEPENDENCIES
  gosu (~> 0.8)
